PATH
  remote: .
  specs:
    berkshelf-api-binrepo-store (0.1.1)

GEM
  remote: https://rubygems.org/
  specs:

PLATFORMS
  ruby

DEPENDENCIES
  berkshelf-api-binrepo-store!

BUNDLED WITH
   1.10.6
